GEM
  remote: https://rubygems.org/
  specs:
    byebug (11.0.1)
    childprocess (0.9.0)
      ffi (~> 1.0, >= 1.0.11)
    facets (3.1.0)
    ffi (1.10.0)
    json (2.2.0)
    os (1.0.0)
    psych (3.1.0)
    rubyzip (1.2.2)
    selenium-webdriver (3.141.0)
      childprocess (~> 0.5)
      rubyzip (~> 1.2, >= 1.2.2)
    webdriver-user-agent (7.6)
      facets
      json
      os
      psych
      selenium-webdriver (>= 3.4.0)

PLATFORMS
  ruby

DEPENDENCIES
  byebug
  selenium-webdriver
  webdriver-user-agent

RUBY VERSION
   ruby 2.6.0p0

BUNDLED WITH
   1.17.2
